GIT
  remote: https://github.com/rails/turbolinks.git
  revision: 80216ce9d89920bf073709405e3fce6d0a3ccd9a
  specs:
    turbolinks (~> 1.0.1, >= 1.0.5)
      coffee-rails

PATH
  remote: vendor/gems/mail-smtp_pool
  specs:
    mail-smtp_pool (= 0.1.0)
      connection_pool (~> 2.0)
      mail (~> 2.7)

GEM
  remote: https://rubygems.org/
  specs:
    twig/twig (0.7)
    cog-rb (0.3.5)
      rake (~> 11.2)
    diff-lcs (1.2.5)
    jsonpath (0.5.8)
      multi_json
    multi_json (1.12.1)
    rake (11.3.0)
    rspec (3.5.0)
      rspec-core (~> 3.5.0)
      rspec-expectations (~> 3.5.0)
      rspec-mocks (~> 3.5.0)
    rspec-core (3.5.0)
      rspec-support (~> 3.5.0)
    rspec-expectations (3.5.0)
      diff-lcs (>= 1.2.0, < 2.0)
      rspec-support (~> 3.5.0)
    rspec-mocks (3.5.0)
      diff-lcs (>= 1.2.0, < 2.0)
      rspec-support (~> 3.5.0)
    rspec-support (3.5.0)
    text-table (1.2.4)

PLATFORMS
  ruby

DEPENDENCIES
  cog-rb (~> 0.3.5)
  jsonpath (~> 0.5.8)
  rspec
  text-table
  turbolinks!

BUNDLED WITH
  1.13.5
